GEM
  remote: https://rubygems.org/
  specs:
    cmath (1.0.0)

PLATFORMS
  x86_64-linux

DEPENDENCIES
  cmath (~> 1.0)

BUNDLED WITH
   2.2.5
